GEM
  remote: http://rubygems.org/
  specs:
    builder (2.1.2)
    mime-types (1.16)
    nokogiri (1.4.3.1)
    rest-client (1.6.1)
      mime-types (>= 1.16)
    rspec (1.3.0)

PLATFORMS
  ruby

DEPENDENCIES
  builder
  nokogiri
  rest-client
  rspec
